GIT
  remote: https://github.com/i2w/i2w-data_object.git
  revision: 3988e5cc21798bd42df7b6edf74c9a5ce48cc341
  branch: main
  specs:
    i2w-data_object (0.1.0)
      activemodel (>= 6)

GIT
  remote: https://github.com/i2w/i2w-result.git
  revision: 0633ffbc1fc4bbff38c805e02ebab707d24ca7d7
  branch: main
  specs:
    i2w-result (0.1.0)
      activemodel (>= 6)

PATH
  remote: .
  specs:
    i2w-repo (0.1.0)

GEM
  remote: https://rubygems.org/
  specs:
    activemodel (7.0.1)
      activesupport (= 7.0.1)
    activerecord (7.0.1)
      activemodel (= 7.0.1)
      activesupport (= 7.0.1)
    activesupport (7.0.1)
      concurrent-ruby (~> 1.0, >= 1.0.2)
      i18n (>= 1.6, < 2)
      minitest (>= 5.1)
      tzinfo (~> 2.0)
    byebug (11.1.3)
    coderay (1.1.3)
    concurrent-ruby (1.1.9)
    i18n (1.8.11)
      concurrent-ruby (~> 1.0)
    method_source (1.0.0)
    minitest (5.15.0)
    minitest-autotest (1.1.1)
      minitest-server (~> 1.0)
      path_expander (~> 1.0)
    minitest-server (1.0.6)
      minitest (~> 5.0)
    path_expander (1.1.0)
    pg (1.2.3)
    pry (0.13.1)
      coderay (~> 1.1)
      method_source (~> 1.0)
    rake (13.0.6)
    ruby_jard (0.3.1)
      byebug (>= 9.1, < 12.0)
      pry (~> 0.13.0)
      tty-screen (~> 0.8.1)
    tty-screen (0.8.1)
    tzinfo (2.0.4)
      concurrent-ruby (~> 1.0)

PLATFORMS
  x86_64-darwin-20
  x86_64-darwin-21

DEPENDENCIES
  activerecord (>= 6)
  i2w-data_object!
  i2w-repo!
  i2w-result!
  minitest-autotest
  pg
  rake (>= 13.0.3)
  ruby_jard

BUNDLED WITH
   2.2.32
