GIT
  remote: https://github.com/i2w/i2w-data_object.git
  revision: b716e194920b392d307854e38588a941571f1e1f
  branch: main
  specs:
    i2w-data_object (0.1.0)

GIT
  remote: https://github.com/i2w/i2w-result.git
  revision: 3e5feb592f49aa92fea1295f668f057a46e63f35
  branch: main
  specs:
    i2w-result (0.1.0)

PATH
  remote: .
  specs:
    i2w-repo (0.1.0)

GEM
  remote: https://rubygems.org/
  specs:
    activemodel (6.1.3.1)
      activesupport (= 6.1.3.1)
    activerecord (6.1.3.1)
      activemodel (= 6.1.3.1)
      activesupport (= 6.1.3.1)
    activesupport (6.1.3.1)
      concurrent-ruby (~> 1.0, >= 1.0.2)
      i18n (>= 1.6, < 2)
      minitest (>= 5.1)
      tzinfo (~> 2.0)
      zeitwerk (~> 2.3)
    concurrent-ruby (1.1.8)
    i18n (1.8.10)
      concurrent-ruby (~> 1.0)
    minitest (5.14.4)
    rake (13.0.3)
    sqlite3 (1.4.2)
    tzinfo (2.0.4)
      concurrent-ruby (~> 1.0)
    zeitwerk (2.4.2)

PLATFORMS
  x86_64-darwin-20

DEPENDENCIES
  activerecord (>= 6)
  i2w-data_object!
  i2w-repo!
  i2w-result!
  rake (>= 13.0.3)
  sqlite3

BUNDLED WITH
   2.2.3
