GIT
  remote: https://github.com/i2w/i2w-data_object.git
  revision: d5c1f62f7b9d28d7318e9d2e4ee5a10fedf1f994
  branch: main
  specs:
    i2w-data_object (0.1.0)

GIT
  remote: https://github.com/i2w/i2w-result.git
  revision: 2a1288e201532fc7f66a64e456878bb6e083c440
  branch: main
  specs:
    i2w-result (0.1.0)

PATH
  remote: .
  specs:
    i2w-repo (0.1.0)

GEM
  remote: https://rubygems.org/
  specs:
    activemodel (6.1.3.1)
      activesupport (= 6.1.3.1)
    activerecord (6.1.3.1)
      activemodel (= 6.1.3.1)
      activesupport (= 6.1.3.1)
    activesupport (6.1.3.1)
      concurrent-ruby (~> 1.0, >= 1.0.2)
      i18n (>= 1.6, < 2)
      minitest (>= 5.1)
      tzinfo (~> 2.0)
      zeitwerk (~> 2.3)
    concurrent-ruby (1.1.8)
    i18n (1.8.10)
      concurrent-ruby (~> 1.0)
    minitest (5.14.4)
    minitest-autotest (1.1.1)
      minitest-server (~> 1.0)
      path_expander (~> 1.0)
    minitest-server (1.0.6)
      minitest (~> 5.0)
    path_expander (1.1.0)
    rake (13.0.3)
    sqlite3 (1.4.2)
    tzinfo (2.0.4)
      concurrent-ruby (~> 1.0)
    zeitwerk (2.4.2)

PLATFORMS
  x86_64-darwin-20

DEPENDENCIES
  activerecord (>= 6)
  i2w-data_object!
  i2w-repo!
  i2w-result!
  minitest-autotest
  rake (>= 13.0.3)
  sqlite3

BUNDLED WITH
   2.2.3
